GIT
  remote: https://github.com/livingsocial/rake-pipeline.git
  revision: b70ca6cad7655e58d13031f3e24df7dfc74f9030
  specs:
    rake-pipeline (0.6.0)
      rake (~> 0.9.0)
      thor

GIT
  remote: https://github.com/wycats/rake-pipeline-web-filters.git
  revision: ba0b8a00356b4c854930a8e849b5629d51ffd70f
  specs:
    rake-pipeline-web-filters (0.6.0)
      rack
      rake-pipeline (~> 0.6)

GEM
  remote: http://rubygems.org/
  specs:
    POpen4 (0.1.4)
      Platform (>= 0.4.0)
      open4
    Platform (0.4.0)
    chunky_png (1.2.5)
    colored (1.2)
    compass (0.12.1)
      chunky_png (~> 1.2)
      fssm (>= 0.2.7)
      sass (~> 3.1)
    execjs (1.3.0)
      multi_json (~> 1.0)
    ffi (1.0.11)
    fssm (0.2.8.1)
    guard (1.0.1)
      ffi (>= 0.5.0)
      thor (~> 0.14.6)
    guard-rake (0.0.5)
      guard
      rake
    kicker (2.5.0)
      rb-fsevent
    multi_json (1.2.0)
    open4 (1.3.0)
    rack (1.4.1)
    rack-rewrite (1.2.1)
    rack-streaming-proxy (1.0.3)
      rack (>= 1.0)
      servolux (~> 0.8.1)
    rake (0.9.2.2)
    rb-fsevent (0.9.1)
    sass (3.1.15)
    servolux (0.8.1)
    thor (0.14.6)
    uglifier (1.2.4)
      execjs (>= 0.3.0)
      multi_json (>= 1.0.2)
    yui-compressor (0.9.6)
      POpen4 (>= 0.1.4)

PLATFORMS
  ruby

DEPENDENCIES
  colored
  compass
  guard
  guard-rake
  kicker
  rack
  rack-rewrite
  rack-streaming-proxy
  rake-pipeline!
  rake-pipeline-web-filters!
  sass
  uglifier
  yui-compressor
